PATH
  remote: .
  specs:
    url_store (0.3.5)

GEM
  remote: https://rubygems.org/
  specs:
    bump (0.5.1)
    diff-lcs (1.2.5)
    rake (10.4.2)
    rspec (2.99.0)
      rspec-core (~> 2.99.0)
      rspec-expectations (~> 2.99.0)
      rspec-mocks (~> 2.99.0)
    rspec-core (2.99.2)
    rspec-expectations (2.99.2)
      diff-lcs (>= 1.1.3, < 2.0)
    rspec-mocks (2.99.2)
    wwtd (0.7.0)

PLATFORMS
  ruby

DEPENDENCIES
  bump
  rake
  rspec (~> 2)
  url_store!
  wwtd
